PATH
  remote: .
  specs:
    txtar (0.1.0)

GEM
  remote: https://rubygems.org/
  specs:
    ast (2.4.1)
    minitest (5.14.2)
    parallel (1.20.1)
    parser (3.0.0.0)
      ast (~> 2.4.1)
    rainbow (3.0.0)
    rake (13.0.3)
    regexp_parser (2.0.2)
    rexml (3.2.4)
    rubocop (1.7.0)
      parallel (~> 1.10)
      parser (>= 2.7.1.5)
      rainbow (>= 2.2.2, < 4.0)
      regexp_parser (>= 1.8, < 3.0)
      rexml
      rubocop-ast (>= 1.2.0, < 2.0)
      ruby-progressbar (~> 1.7)
      unicode-display_width (>= 1.4.0, < 2.0)
    rubocop-ast (1.3.0)
      parser (>= 2.7.1.5)
    rubocop-minitest (0.10.2)
      rubocop (>= 0.87, < 2.0)
    rubocop-rake (0.5.1)
      rubocop
    ruby-progressbar (1.10.1)
    unicode-display_width (1.7.0)

PLATFORMS
  x86_64-darwin-20
  x86_64-linux

DEPENDENCIES
  minitest (~> 5.14)
  rake (~> 13.0)
  rubocop (~> 1.7)
  rubocop-minitest (~> 0.10)
  rubocop-rake (~> 0.5)
  txtar!

BUNDLED WITH
   2.2.3
